PATH
  remote: .
  specs:
    rust_gem (0.1.0)

GEM
  remote: https://rubygems.org/
  specs:
    rake (13.0.6)
    rake-compiler (1.2.3)
      rake
    rb_sys (0.9.79)

PLATFORMS
  arm64-darwin-23

DEPENDENCIES
  rake (~> 13.0)
  rake-compiler
  rb_sys (~> 0.9.63)
  rust_gem!

BUNDLED WITH
   2.4.10
